GEM
  remote: https://rubygems.org/
  specs:
    coderay (1.1.2)
    concurrent-ruby (1.0.5)
    faker (1.8.7)
      i18n (>= 0.7)
    i18n (1.0.1)
      concurrent-ruby (~> 1.0)
    method_source (0.9.0)
    pry (0.11.3)
      coderay (~> 1.1.0)
      method_source (~> 0.9.0)
    sqlite3 (1.3.13)

PLATFORMS
  ruby

DEPENDENCIES
  faker (~> 1.8)
  pry
  sqlite3

BUNDLED WITH
   1.16.1
